GEM
  remote: https://rubygems.org/
  specs:
    call-me (0.0.2.3)
      refining
    ffi (1.9.10)
    ffi-extra (0.1.0)
      ffi
    ffi-inline (0.0.4.3)
      ffi (>= 0.4.0)
    haml (4.0.6)
      tilt
    iso-639 (0.2.5)
    mime-types (2.4.3)
    netrc (0.10.2)
    rack (1.6.1)
    rack-protection (1.5.3)
      rack
    refining (0.0.5.5)
    rest-client (1.7.2)
      mime-types (>= 1.16, < 3.0)
      netrc (~> 0.7)
    sinatra (1.4.6)
      rack (~> 1.4)
      rack-protection (~> 1.4)
      tilt (>= 1.3, < 3)
    tesseract-ocr (0.1.8)
      call-me
      ffi-extra
      ffi-inline
      iso-639
    tilt (1.4.1)

PLATFORMS
  ruby

DEPENDENCIES
  haml (~> 4.0.6)
  rest-client (~> 1.7)
  sinatra (= 1.4.6)
  tesseract-ocr (~> 0.1)

BUNDLED WITH
   1.11.2
