GEM
  remote: https://rubygems.org/
  specs:
    haml (4.0.6)
      tilt
    mime-types (2.4.3)
    netrc (0.10.2)
    rack (1.6.1)
    rack-protection (1.5.3)
      rack
    rest-client (1.7.2)
      mime-types (>= 1.16, < 3.0)
      netrc (~> 0.7)
    sinatra (1.4.6)
      rack (~> 1.4)
      rack-protection (~> 1.4)
      tilt (>= 1.3, < 3)
    tilt (1.4.1)

PLATFORMS
  ruby

DEPENDENCIES
  haml
  rest-client
  sinatra
